GEM
  remote: https://rubygems.org/
  specs:
    CFPropertyList (3.0.7)
      base64
      nkf
      rexml
    addressable (2.8.7)
      public_suffix (>= 2.0.2, < 7.0)
    aws-eventstream (1.3.0)
    aws-partitions (1.1032.0)
    aws-sdk-core (3.214.1)
      aws-eventstream (~> 1, >= 1.3.0)
      aws-partitions (~> 1, >= 1.992.0)
      aws-sigv4 (~> 1.9)
      jmespath (~> 1, >= 1.6.1)
    aws-sdk-ec2 (1.498.0)
      aws-sdk-core (~> 3, >= 3.210.0)
      aws-sigv4 (~> 1.5)
    aws-sigv4 (1.10.1)
      aws-eventstream (~> 1, >= 1.0.2)
    base64 (0.2.0)
    bigdecimal (3.1.9)
    bindata (2.5.0)
    bolt (3.30.0)
      CFPropertyList (>= 2.2)
      addressable (~> 2.5)
      aws-sdk-ec2 (~> 1)
      concurrent-ruby (~> 1.0)
      ffi (>= 1.9.25, < 2.0.0)
      hiera-eyaml (~> 3)
      jwt (~> 2.2)
      logging (~> 2.2)
      minitar (~> 0.6)
      net-scp (>= 1.2, < 5.0)
      net-ssh (>= 4.0, < 8.0)
      net-ssh-krb (~> 0.5)
      orchestrator_client (~> 0.5)
      puppet (>= 6.18.0)
      puppet-resource_api (>= 1.8.1)
      puppet-strings (>= 2.3.0, < 5.0)
      puppetfile-resolver (>= 0.6.2, < 1.0)
      r10k (~> 3.10)
      ruby_smb (~> 1.0)
      terminal-table (~> 3.0)
      winrm (~> 2.0)
      winrm-fs (~> 1.3)
    builder (3.3.0)
    colored2 (3.1.2)
    concurrent-ruby (1.3.4)
    connection_pool (2.4.1)
    cri (2.15.12)
    deep_merge (1.2.2)
    diff-lcs (1.5.1)
    docker-api (2.4.0)
      excon (>= 0.64.0)
      multi_json
    erubi (1.13.1)
    excon (1.2.3)
    facter (4.10.0)
      hocon (~> 1.3)
      thor (>= 1.0.1, < 1.3)
    faraday (2.12.2)
      faraday-net_http (>= 2.0, < 3.5)
      json
      logger
    faraday-follow_redirects (0.3.0)
      faraday (>= 1, < 3)
    faraday-net_http (3.4.0)
      net-http (>= 0.5.0)
    faraday-net_http_persistent (2.3.0)
      faraday (~> 2.5)
      net-http-persistent (>= 4.0.4, < 5)
    fast_gettext (2.4.0)
      prime
    ffi (1.17.1)
    ffi (1.17.1-aarch64-linux-gnu)
    ffi (1.17.1-aarch64-linux-musl)
    ffi (1.17.1-arm-linux-gnu)
    ffi (1.17.1-arm-linux-musl)
    ffi (1.17.1-arm64-darwin)
    ffi (1.17.1-x86-linux-gnu)
    ffi (1.17.1-x86-linux-musl)
    ffi (1.17.1-x86_64-darwin)
    ffi (1.17.1-x86_64-linux-gnu)
    ffi (1.17.1-x86_64-linux-musl)
    forwardable (1.3.3)
    getoptlong (0.2.1)
    gettext (3.5.0)
      erubi
      locale (>= 2.0.5)
      prime
      racc
      text (>= 1.3.0)
    gettext-setup (1.1.0)
      fast_gettext (~> 2.1)
      gettext (~> 3.4)
      locale
    gssapi (1.3.1)
      ffi (>= 1.0.1)
    gyoku (1.4.0)
      builder (>= 2.1.2)
      rexml (~> 3.0)
    hiera-eyaml (3.4.0)
      highline
      optimist
    highline (3.1.2)
      reline
    hocon (1.4.0)
    httpclient (2.8.3)
    io-console (0.8.0)
    jmespath (1.6.2)
    json (2.9.1)
    jwt (2.2.3)
    little-plugger (1.1.4)
    locale (2.1.4)
    log4r (1.1.10)
    logger (1.6.4)
    logging (2.4.0)
      little-plugger (~> 1.1)
      multi_json (~> 1.14)
    minitar (0.12.1)
    molinillo (0.8.0)
    multi_json (1.15.0)
    net-http (0.6.0)
      uri
    net-http-persistent (4.0.5)
      connection_pool (~> 2.2)
    net-scp (4.0.0)
      net-ssh (>= 2.6.5, < 8.0.0)
    net-ssh (7.3.0)
    net-ssh-krb (0.5.1)
      gssapi (~> 1.3.0)
      net-ssh (>= 2.0)
    nkf (0.2.0)
    nori (2.7.1)
      bigdecimal
    optimist (3.2.0)
    orchestrator_client (0.7.1)
      faraday (>= 1.4, < 3.0)
      faraday-net_http_persistent (>= 1.0, < 3.0)
    parallel (1.26.3)
    pathspec (2.1.0)
    prime (0.1.3)
      forwardable
      singleton
    public_suffix (6.0.1)
    puppet (8.10.0)
      concurrent-ruby (~> 1.0)
      deep_merge (~> 1.0)
      facter (>= 4.3.0, < 5)
      fast_gettext (>= 2.1, < 4)
      getoptlong (~> 0.2.0)
      locale (~> 2.1)
      multi_json (~> 1.13)
      puppet-resource_api (~> 1.5)
      scanf (~> 1.0)
      semantic_puppet (~> 1.0)
    puppet (8.10.0-universal-darwin)
      CFPropertyList (>= 3.0.6, < 4)
      concurrent-ruby (~> 1.0)
      deep_merge (~> 1.0)
      facter (>= 4.3.0, < 5)
      fast_gettext (>= 2.1, < 4)
      getoptlong (~> 0.2.0)
      locale (~> 2.1)
      multi_json (~> 1.13)
      puppet-resource_api (~> 1.5)
      scanf (~> 1.0)
      semantic_puppet (~> 1.0)
    puppet-modulebuilder (2.0.2)
      minitar (~> 0.9)
      pathspec (>= 0.2.1, < 3.0.0)
    puppet-resource_api (1.9.0)
      hocon (>= 1.0)
    puppet-strings (4.1.3)
      rgen (~> 0.9)
      yard (~> 0.9, < 0.9.37)
    puppet_forge (5.0.4)
      faraday (~> 2.0)
      faraday-follow_redirects (~> 0.3.0)
      minitar (< 1.0.0)
      semantic_puppet (~> 1.0)
    puppet_litmus (1.6.0)
      bolt (~> 3.0)
      docker-api (>= 1.34, < 3.0.0)
      parallel
      puppet-modulebuilder (>= 0.3.0)
      retryable (~> 3.0)
      rspec
      tty-spinner (>= 0.5.0, < 1.0.0)
    puppetfile-resolver (0.6.3)
      molinillo (~> 0.6)
      semantic_puppet (~> 1.0)
    r10k (3.15.3)
      colored2 (= 3.1.2)
      cri (>= 2.15.10)
      fast_gettext (>= 1.1.0, < 3.0.0)
      gettext (>= 3.0.2, < 4.0.0)
      gettext-setup (>= 0.24, < 2.0.0)
      jwt (~> 2.2.3)
      log4r (= 1.1.10)
      minitar (~> 0.9)
      multi_json (~> 1.10)
      puppet_forge (>= 2.3.0)
    racc (1.8.1)
    reline (0.6.0)
      io-console (~> 0.5)
    retryable (3.0.5)
    rexml (3.4.0)
    rgen (0.9.1)
    rspec (3.13.0)
      rspec-core (~> 3.13.0)
      rspec-expectations (~> 3.13.0)
      rspec-mocks (~> 3.13.0)
    rspec-core (3.13.2)
      rspec-support (~> 3.13.0)
    rspec-expectations (3.13.3)
      diff-lcs (>= 1.2.0, < 2.0)
      rspec-support (~> 3.13.0)
    rspec-mocks (3.13.2)
      diff-lcs (>= 1.2.0, < 2.0)
      rspec-support (~> 3.13.0)
    rspec-support (3.13.2)
    ruby_smb (1.1.0)
      bindata
      rubyntlm
      windows_error
    rubyntlm (0.6.5)
      base64
    rubyzip (2.4.1)
    scanf (1.0.0)
    semantic_puppet (1.1.0)
    singleton (0.3.0)
    terminal-table (3.0.2)
      unicode-display_width (>= 1.1.1, < 3)
    text (1.3.1)
    thor (1.2.2)
    tty-cursor (0.7.1)
    tty-spinner (0.9.3)
      tty-cursor (~> 0.7)
    unicode-display_width (2.6.0)
    uri (1.0.2)
    windows_error (0.1.5)
    winrm (2.3.9)
      builder (>= 2.1.2)
      erubi (~> 1.8)
      gssapi (~> 1.2)
      gyoku (~> 1.0)
      httpclient (~> 2.2, >= 2.2.0.2)
      logging (>= 1.6.1, < 3.0)
      nori (~> 2.0, >= 2.7.1)
      rexml (~> 3.0)
      rubyntlm (~> 0.6.0, >= 0.6.3)
    winrm-fs (1.3.5)
      erubi (~> 1.8)
      logging (>= 1.6.1, < 3.0)
      rubyzip (~> 2.0)
      winrm (~> 2.0)
    yard (0.9.36)

PLATFORMS
  aarch64-linux-gnu
  aarch64-linux-musl
  arm-linux-gnu
  arm-linux-musl
  arm64-darwin
  ruby
  universal-darwin
  x86-linux-gnu
  x86-linux-musl
  x86_64-darwin
  x86_64-linux-gnu
  x86_64-linux-musl

DEPENDENCIES
  puppet_litmus

BUNDLED WITH
   2.5.22
